PATH
  remote: .
  specs:
    mtik-zonegen (0.0.0)
      activesupport
      erubis
      loadable_config
      mtik

GEM
  remote: https://rubygems.org/
  specs:
    activesupport (5.2.3)
      concurrent-ruby (~> 1.0, >= 1.0.2)
      i18n (>= 0.7, < 2)
      minitest (~> 5.1)
      tzinfo (~> 1.1)
    concurrent-ruby (1.1.5)
    erubis (2.7.0)
    i18n (1.6.0)
      concurrent-ruby (~> 1.0)
    json_schema (0.20.6)
    loadable_config (1.0.0)
      json_schema
    minitest (5.11.3)
    mtik (4.0.3)
    thread_safe (0.3.6)
    tzinfo (1.2.5)
      thread_safe (~> 0.1)

PLATFORMS
  ruby

DEPENDENCIES
  mtik-zonegen!

BUNDLED WITH
   1.17.2
